GIT
  remote: git://github.com/postmodern/bundler-audit.git
  revision: ac366d986f92f1b80cf08ace04ef66212815d9d2
  specs:
    bundler-audit (0.1.1)
      bundler (~> 1.2)

PATH
  remote: .
  specs:
    bundler-organization_audit (0.0.0)
      json

GEM
  remote: http://rubygems.org/
  specs:
    bump (0.3.9)
    diff-lcs (1.1.3)
    json (1.7.7)
    rake (10.0.3)
    rspec (2.12.0)
      rspec-core (~> 2.12.0)
      rspec-expectations (~> 2.12.0)
      rspec-mocks (~> 2.12.0)
    rspec-core (2.12.2)
    rspec-expectations (2.12.1)
      diff-lcs (~> 1.1.3)
    rspec-mocks (2.12.2)

PLATFORMS
  ruby

DEPENDENCIES
  bump
  bundler-audit!
  bundler-organization_audit!
  rake
  rspec (~> 2)
