GIT
  remote: git://github.com/grosser/bundler-audit.git
  revision: a2d65124650460f525f62c7302629fee4d697413
  branch: ignore-version
  submodules: true
  specs:
    bundler-audit (0.1.3)
      bundler (~> 1.2)

PATH
  remote: .
  specs:
    bundler-organization_audit (0.2.1)
      organization_audit (>= 0.2.0)

GEM
  remote: https://rubygems.org/
  specs:
    bump (0.3.9)
    diff-lcs (1.1.3)
    json (1.8.1)
    organization_audit (1.0.3)
      json
    rake (10.0.3)
    rspec (2.12.0)
      rspec-core (~> 2.12.0)
      rspec-expectations (~> 2.12.0)
      rspec-mocks (~> 2.12.0)
    rspec-core (2.12.2)
    rspec-expectations (2.12.1)
      diff-lcs (~> 1.1.3)
    rspec-mocks (2.12.2)

PLATFORMS
  ruby

DEPENDENCIES
  bump
  bundler-audit!
  bundler-organization_audit!
  rake
  rspec (~> 2)
